PATH
  remote: .
  specs:
    es-elasticity (0.13.5)
      activemodel (>= 4.0.0, < 7)
      activerecord (>= 4.0.0, < 7)
      activesupport (>= 4.0.0, < 7)
      elasticsearch (>= 1.0)

GEM
  remote: https://artifacts.dox.support/repository/gems/
  specs:
    activemodel (6.0.3.1)
      activesupport (= 6.0.3.1)
    activerecord (6.0.3.1)
      activemodel (= 6.0.3.1)
      activesupport (= 6.0.3.1)
    activesupport (6.0.3.1)
      concurrent-ruby (~> 1.0, >= 1.0.2)
      i18n (>= 0.7, < 2)
      minitest (~> 5.1)
      tzinfo (~> 1.1)
      zeitwerk (~> 2.2, >= 2.2.2)
    byebug (11.0.1)
    codeclimate-test-reporter (1.0.9)
      simplecov (<= 0.13)
    coderay (1.1.2)
    concurrent-ruby (1.1.6)
    diff-lcs (1.3)
    elasticsearch (7.7.0)
      elasticsearch-api (= 7.7.0)
      elasticsearch-transport (= 7.7.0)
    elasticsearch-api (7.7.0)
      multi_json
    elasticsearch-transport (7.7.0)
      faraday (~> 1)
      multi_json
    faraday (1.0.1)
      multipart-post (>= 1.2, < 3)
    i18n (1.8.2)
      concurrent-ruby (~> 1.0)
    method_source (0.9.2)
    minitest (5.14.1)
    multi_json (1.14.1)
    multipart-post (2.1.1)
    oj (3.10.0)
    pry (0.12.2)
      coderay (~> 1.1.0)
      method_source (~> 0.9.0)
    rake (10.5.0)
    redis (4.1.3)
    rspec (3.1.0)
      rspec-core (~> 3.1.0)
      rspec-expectations (~> 3.1.0)
      rspec-mocks (~> 3.1.0)
    rspec-core (3.1.7)
      rspec-support (~> 3.1.0)
    rspec-expectations (3.1.2)
      diff-lcs (>= 1.2.0, < 2.0)
      rspec-support (~> 3.1.0)
    rspec-mocks (3.1.3)
      rspec-support (~> 3.1.0)
    rspec-support (3.1.2)
    rspec_junit_formatter (0.4.1)
      rspec-core (>= 2, < 4, != 2.12.0)
    simplecov (0.7.1)
      multi_json (~> 1.0)
      simplecov-html (~> 0.7.1)
    simplecov-html (0.7.1)
    thread_safe (0.3.6)
    timecop (0.9.1)
    tzinfo (1.2.7)
      thread_safe (~> 0.1)
    zeitwerk (2.3.0)

PLATFORMS
  ruby

DEPENDENCIES
  bundler (~> 2.1.4)
  byebug
  codeclimate-test-reporter
  es-elasticity!
  oj
  pry
  rake (~> 10.0)
  redis
  rspec (~> 3.1.0)
  rspec_junit_formatter
  simplecov (~> 0.7.1)
  timecop

BUNDLED WITH
   2.1.4
