PATH
  remote: .
  specs:
    es-elasticity (1.1.0)
      activemodel (>= 5.2.0, < 7.1)
      activerecord (>= 5.2.0, < 7.1)
      activesupport (>= 5.2.0, < 7.1)
      elastic-transport (>= 8.0, < 8.7)
      elasticsearch (>= 7, < 8.7)

GEM
  remote: https://artifacts.dox.support/repository/gems/
  specs:
    activemodel (7.0.4.3)
      activesupport (= 7.0.4.3)
    activerecord (7.0.4.3)
      activemodel (= 7.0.4.3)
      activesupport (= 7.0.4.3)
    activesupport (7.0.4.3)
      concurrent-ruby (~> 1.0, >= 1.0.2)
      i18n (>= 1.6, < 2)
      minitest (>= 5.1)
      tzinfo (~> 2.0)
    byebug (11.0.1)
    codeclimate-test-reporter (1.0.9)
      simplecov (<= 0.13)
    coderay (1.1.2)
    concurrent-ruby (1.2.2)
    diff-lcs (1.3)
    elastic-transport (8.2.1)
      faraday (< 3)
      multi_json
    elasticsearch (8.6.0)
      elastic-transport (~> 8)
      elasticsearch-api (= 8.6.0)
    elasticsearch-api (8.6.0)
      multi_json
    faraday (2.7.4)
      faraday-net_http (>= 2.0, < 3.1)
      ruby2_keywords (>= 0.0.4)
    faraday-net_http (3.0.2)
    i18n (1.13.0)
      concurrent-ruby (~> 1.0)
    method_source (0.9.2)
    minitest (5.18.0)
    multi_json (1.15.0)
    oj (3.10.0)
    pry (0.12.2)
      coderay (~> 1.1.0)
      method_source (~> 0.9.0)
    rake (10.5.0)
    redis (4.1.3)
    rspec (3.1.0)
      rspec-core (~> 3.1.0)
      rspec-expectations (~> 3.1.0)
      rspec-mocks (~> 3.1.0)
    rspec-core (3.1.7)
      rspec-support (~> 3.1.0)
    rspec-expectations (3.1.2)
      diff-lcs (>= 1.2.0, < 2.0)
      rspec-support (~> 3.1.0)
    rspec-mocks (3.1.3)
      rspec-support (~> 3.1.0)
    rspec-support (3.1.2)
    rspec_junit_formatter (0.4.1)
      rspec-core (>= 2, < 4, != 2.12.0)
    ruby2_keywords (0.0.5)
    simplecov (0.7.1)
      multi_json (~> 1.0)
      simplecov-html (~> 0.7.1)
    simplecov-html (0.7.1)
    timecop (0.9.5)
    tzinfo (2.0.6)
      concurrent-ruby (~> 1.0)

PLATFORMS
  ruby

DEPENDENCIES
  bundler (~> 2.3.4)
  byebug
  codeclimate-test-reporter
  es-elasticity!
  oj
  pry
  rake (~> 10.0)
  redis
  rspec (~> 3.1.0)
  rspec_junit_formatter
  simplecov (~> 0.7.1)
  timecop

BUNDLED WITH
   2.3.4
